GEM
  remote: https://rubygems.org/
  specs:
    excon (0.100.0)
    ffi (1.15.5)
    minitest (5.19.0)
    rake (13.0.6)
    rake-compiler (1.2.5)
      rake
    rubyzip (2.3.2)
    yard (0.9.34)

PLATFORMS
  arm64-darwin-21
  arm64-darwin-22
  x86_64-linux

DEPENDENCIES
  excon
  ffi
  minitest
  rake-compiler
  rubyzip
  yard

BUNDLED WITH
   2.3.11
